GIT
  remote: https://github.com/treydock/beaker-docker.git
  revision: a4c8f255db29903ada6e780872fd873bbf93303c
  branch: osc
  specs:
    beaker-docker (1.0.0)
      docker-api (~> 2.1)
      stringify-hash (~> 0.0.0)

GEM
  remote: https://rubygems.org/
  specs:
    ansi (1.5.0)
    ast (2.4.2)
    bcrypt (3.1.16)
    beaker (4.30.0)
      beaker-hostgenerator
      hocon (~> 1.0)
      in-parallel (~> 0.1)
      inifile (~> 3.0)
      minitar (~> 0.6)
      minitest (~> 5.4)
      net-scp (>= 1.2, < 4.0)
      net-ssh (>= 5.0)
      open_uri_redirections (~> 0.2.1)
      pry-byebug (~> 3.9)
      rb-readline (~> 0.5.3)
      rexml
      rsync (~> 1.0.9)
      stringify-hash (~> 0.0)
      thor (>= 1.0.1, < 2.0)
    beaker-abs (0.9.0)
      beaker (~> 4.0)
      vmfloaty (>= 1.0, < 2)
    beaker-answers (0.29.0)
      hocon (~> 1.0)
      require_all (>= 1.3.2, < 3.1.0)
      stringify-hash (~> 0.0.0)
    beaker-hostgenerator (1.5.0)
      deep_merge (~> 1.0)
      stringify-hash (~> 0.0.0)
    beaker-pe (2.11.13)
      beaker (~> 4.0)
      beaker-abs
      beaker-answers (~> 0.0)
      beaker-puppet (~> 1.0)
      beaker-vmpooler (~> 1.0)
      stringify-hash (~> 0.0.0)
    beaker-puppet (1.21.0)
      beaker (~> 4.1)
      in-parallel (~> 0.1)
      oga
      stringify-hash (~> 0.0.0)
    beaker-rspec (6.3.0)
      beaker (> 3.0)
      beaker-pe
      rspec (~> 3.0)
      serverspec (~> 2)
      specinfra (~> 2)
    beaker-vmpooler (1.4.0)
      stringify-hash (~> 0.0.0)
    byebug (11.1.3)
    childprocess (3.0.0)
    coderay (1.1.3)
    colorize (0.8.1)
    commander (4.6.0)
      highline (~> 2.0.0)
    deep_merge (1.2.1)
    diff-lcs (1.4.4)
    docker-api (2.2.0)
      excon (>= 0.47.0)
      multi_json
    excon (0.85.0)
    faraday (1.7.0)
      faraday-em_http (~> 1.0)
      faraday-em_synchrony (~> 1.0)
      faraday-excon (~> 1.1)
      faraday-httpclient (~> 1.0.1)
      faraday-net_http (~> 1.0)
      faraday-net_http_persistent (~> 1.1)
      faraday-patron (~> 1.0)
      faraday-rack (~> 1.0)
      multipart-post (>= 1.2, < 3)
      ruby2_keywords (>= 0.0.4)
    faraday-em_http (1.0.0)
    faraday-em_synchrony (1.0.0)
    faraday-excon (1.1.0)
    faraday-httpclient (1.0.1)
    faraday-net_http (1.0.1)
    faraday-net_http_persistent (1.2.0)
    faraday-patron (1.0.0)
    faraday-rack (1.0.0)
    highline (2.0.3)
    hocon (1.3.1)
    in-parallel (0.1.17)
    inifile (3.0.0)
    method_source (1.0.0)
    minitar (0.9)
    minitest (5.14.4)
    multi_json (1.15.0)
    multipart-post (2.1.1)
    net-scp (3.0.0)
      net-ssh (>= 2.6.5, < 7.0.0)
    net-ssh (6.1.0)
    net-telnet (0.1.1)
    oga (3.3)
      ast
      ruby-ll (~> 2.1)
    open_uri_redirections (0.2.1)
    pry (0.13.1)
      coderay (~> 1.1)
      method_source (~> 1.0)
    pry-byebug (3.9.0)
      byebug (~> 11.0)
      pry (~> 0.13.0)
    rake (13.0.6)
    rb-readline (0.5.5)
    regexp_parser (2.1.1)
    require_all (3.0.0)
    rexml (3.2.5)
    rspec (3.10.0)
      rspec-core (~> 3.10.0)
      rspec-expectations (~> 3.10.0)
      rspec-mocks (~> 3.10.0)
    rspec-core (3.10.1)
      rspec-support (~> 3.10.0)
    rspec-expectations (3.10.1)
      diff-lcs (>= 1.2.0, < 2.0)
      rspec-support (~> 3.10.0)
    rspec-its (1.3.0)
      rspec-core (>= 3.0.0)
      rspec-expectations (>= 3.0.0)
    rspec-mocks (3.10.2)
      diff-lcs (>= 1.2.0, < 2.0)
      rspec-support (~> 3.10.0)
    rspec-support (3.10.2)
    rsync (1.0.9)
    ruby-ll (2.1.2)
      ansi
      ast
    ruby2_keywords (0.0.5)
    rubyzip (2.3.2)
    selenium-webdriver (3.142.7)
      childprocess (>= 0.5, < 4.0)
      rubyzip (>= 1.2.2)
    serverspec (2.41.8)
      multi_json
      rspec (~> 3.0)
      rspec-its
      specinfra (~> 2.72)
    sfl (2.3)
    specinfra (2.82.25)
      net-scp
      net-ssh (>= 2.7)
      net-telnet (= 0.1.1)
      sfl
    stringify-hash (0.0.2)
    thor (1.1.0)
    vmfloaty (1.4.0)
      colorize (~> 0.8.1)
      commander (>= 4.4.3, < 4.7.0)
      faraday (~> 1.5, >= 1.5.1)
    watir (6.19.1)
      regexp_parser (>= 1.2, < 3)
      selenium-webdriver (>= 3.142.7)

PLATFORMS
  ruby

DEPENDENCIES
  bcrypt
  beaker
  beaker-docker!
  beaker-rspec
  rake
  rspec
  watir

BUNDLED WITH
   2.1.4
