GEM
  remote: https://rubygems.org/
  specs:
    ast (2.4.3)
    base64 (0.2.0)
    bcrypt_pbkdf (1.1.1)
    beaker (6.6.0)
      bcrypt_pbkdf (>= 1.0, < 2.0)
      beaker-hostgenerator (~> 2.0)
      ed25519 (>= 1.2, < 2.0)
      hocon (~> 1.0)
      in-parallel (>= 0.1, < 2.0)
      inifile (~> 3.0)
      minitar (>= 0.12, < 2)
      minitest (~> 5.4)
      net-scp (>= 1.2, < 5.0)
      net-ssh (~> 7.1)
      rexml (~> 3.2, >= 3.2.5)
      rsync (~> 1.0.9)
      stringify-hash (~> 0.0)
      thor (>= 1.0.1, < 2.0)
    beaker-docker (1.4.0)
      beaker (>= 4.34)
      docker-api (~> 2.1)
      stringify-hash (~> 0.0.0)
    beaker-hostgenerator (2.23.0)
      deep_merge (~> 1.0)
    beaker-rspec (8.2.0)
      beaker (>= 4.0, < 7)
      rspec (~> 3.0)
      serverspec (~> 2)
      specinfra (~> 2)
    deep_merge (1.2.2)
    diff-lcs (1.6.1)
    docker-api (2.4.0)
      excon (>= 0.64.0)
      multi_json
    dotenv (2.8.1)
    ed25519 (1.4.0)
    excon (1.2.5)
      logger
    hocon (1.4.0)
    in-parallel (1.0.1)
    inifile (3.0.0)
    json (2.11.3)
    language_server-protocol (3.17.0.4)
    lint_roller (1.1.0)
    logger (1.7.0)
    minitar (1.0.2)
    minitest (5.25.5)
    multi_json (1.15.0)
    net-scp (4.1.0)
      net-ssh (>= 2.6.5, < 8.0.0)
    net-ssh (7.3.0)
    net-telnet (0.2.0)
    ood_packaging (0.18.0)
      rake (~> 13.0.1)
    parallel (1.27.0)
    parser (3.3.8.0)
      ast (~> 2.4.1)
      racc
    prism (1.4.0)
    racc (1.8.1)
    rainbow (3.1.1)
    rake (13.0.6)
    regexp_parser (2.10.0)
    rexml (3.4.2)
    rspec (3.13.0)
      rspec-core (~> 3.13.0)
      rspec-expectations (~> 3.13.0)
      rspec-mocks (~> 3.13.0)
    rspec-core (3.13.3)
      rspec-support (~> 3.13.0)
    rspec-expectations (3.13.4)
      diff-lcs (>= 1.2.0, < 2.0)
      rspec-support (~> 3.13.0)
    rspec-its (2.0.0)
      rspec-core (>= 3.13.0)
      rspec-expectations (>= 3.13.0)
    rspec-mocks (3.13.4)
      diff-lcs (>= 1.2.0, < 2.0)
      rspec-support (~> 3.13.0)
    rspec-support (3.13.3)
    rsync (1.0.9)
    rubocop (1.75.5)
      json (~> 2.3)
      language_server-protocol (~> 3.17.0.2)
      lint_roller (~> 1.1.0)
      parallel (~> 1.10)
      parser (>= 3.3.0.2)
      rainbow (>= 2.2.2, < 4.0)
      regexp_parser (>= 2.9.3, < 3.0)
      rubocop-ast (>= 1.44.0, < 2.0)
      ruby-progressbar (~> 1.7)
      unicode-display_width (>= 2.4.0, < 4.0)
    rubocop-ast (1.44.1)
      parser (>= 3.3.7.2)
      prism (~> 1.4)
    rubocop-rspec (3.6.0)
      lint_roller (~> 1.1)
      rubocop (~> 1.72, >= 1.72.1)
    ruby-progressbar (1.13.0)
    rubyzip (2.4.1)
    selenium-webdriver (4.32.0)
      base64 (~> 0.2)
      logger (~> 1.4)
      rexml (~> 3.2, >= 3.2.5)
      rubyzip (>= 1.2.2, < 3.0)
      websocket (~> 1.0)
    serverspec (2.43.0)
      multi_json
      rspec (~> 3.0)
      rspec-its
      specinfra (~> 2.72)
    sfl (2.3)
    specinfra (2.94.0)
      base64
      net-scp
      net-ssh (>= 2.7)
      net-telnet
      sfl
    stringify-hash (0.0.2)
    thor (1.4.0)
    unicode-display_width (3.1.4)
      unicode-emoji (~> 4.0, >= 4.0.4)
    unicode-emoji (4.0.4)
    watir (7.3.0)
      regexp_parser (>= 1.2, < 3)
      selenium-webdriver (~> 4.2)
    websocket (1.2.11)

PLATFORMS
  ruby

DEPENDENCIES
  beaker
  beaker-docker (~> 1.4.0)
  beaker-rspec
  dotenv (~> 2.1)
  ood_packaging (~> 0.18.0)
  rake
  rspec
  rubocop
  rubocop-rspec
  watir

BUNDLED WITH
   2.5.23
