GEM
  specs:

PLATFORMS
  ruby

DEPENDENCIES

BUNDLED WITH
   2.1.4
