GEM
  remote: https://rubygems.org/
  specs:
    bcrypt (3.1.16)
    climate_control (0.2.0)
    diff-lcs (1.3)
    dotenv (2.7.5)
    rake (13.0.0)
    rspec (3.9.0)
      rspec-core (~> 3.9.0)
      rspec-expectations (~> 3.9.0)
      rspec-mocks (~> 3.9.0)
    rspec-core (3.9.0)
      rspec-support (~> 3.9.0)
    rspec-expectations (3.9.0)
      diff-lcs (>= 1.2.0, < 2.0)
      rspec-support (~> 3.9.0)
    rspec-mocks (3.9.0)
      diff-lcs (>= 1.2.0, < 2.0)
      rspec-support (~> 3.9.0)
    rspec-support (3.9.0)

PLATFORMS
  ruby

DEPENDENCIES
  bcrypt
  climate_control
  dotenv (~> 2.1)
  rake
  rspec

BUNDLED WITH
   2.1.4
